GEM
  remote: http://rubygems.org/
  specs:
    RedCloth (4.3.2)
    blankslate (2.1.2.4)
    chunky_png (1.3.11)
    classifier (1.3.5)
      fast-stemmer (~> 1.0.0)
      mathn
      rake
    colorator (0.1)
    commander (4.1.6)
      highline (~> 1.6.11)
    compass (0.11.5)
      chunky_png (~> 1.2)
      fssm (>= 0.2.7)
      sass (~> 3.1)
    fast-stemmer (1.0.2)
    ffi (1.10.0)
    fssm (0.2.10)
    haml (5.0.4)
      temple (>= 0.8.0)
      tilt
    highline (1.6.21)
    jekyll (1.5.1)
      classifier (~> 1.3)
      colorator (~> 0.1)
      commander (~> 4.1.3)
      liquid (~> 2.5.5)
      listen (~> 1.3)
      maruku (= 0.7.0)
      pygments.rb (~> 0.5.0)
      redcarpet (~> 2.3.0)
      safe_yaml (~> 1.0)
      toml (~> 0.1.0)
    liquid (2.5.5)
    listen (1.3.1)
      rb-fsevent (>= 0.9.3)
      rb-inotify (>= 0.9)
      rb-kqueue (>= 0.2)
    maruku (0.7.0)
    mathn (0.1.0)
    mustermann (1.0.3)
    parslet (1.5.0)
      blankslate (~> 2.0)
    posix-spawn (0.3.13)
    pygments.rb (0.5.4)
      posix-spawn (~> 0.3.6)
      yajl-ruby (~> 1.1.0)
    rack (2.0.6)
    rack-protection (2.0.5)
      rack
    rake (12.3.2)
    rb-fsevent (0.10.3)
    rb-inotify (0.10.0)
      ffi (~> 1.0)
    rb-kqueue (0.2.5)
      ffi (>= 0.5.0)
    rdiscount (2.2.0.1)
    redcarpet (2.3.0)
    rubypants (0.7.0)
    safe_yaml (1.0.4)
    sass (3.1.5)
    sinatra (2.0.5)
      mustermann (~> 1.0)
      rack (~> 2.0)
      rack-protection (= 2.0.5)
      tilt (~> 2.0)
    stringex (2.8.5)
    temple (0.8.0)
    tilt (2.0.9)
    toml (0.1.2)
      parslet (~> 1.5.0)
    yajl-ruby (1.1.0)

PLATFORMS
  ruby

DEPENDENCIES
  RedCloth
  compass (= 0.11.5)
  haml
  jekyll
  liquid
  pygments.rb
  rack
  rake
  rb-fsevent
  rdiscount
  rubypants
  sass (= 3.1.5)
  sinatra
  stringex

BUNDLED WITH
   1.16.6
